GEM
  remote: https://rubygems.org/
  specs:
    rmagick (4.2.4)

PLATFORMS
  x86_64-darwin-20

DEPENDENCIES
  rmagick

BUNDLED WITH
   2.2.11
